{
    "SamplingFrequency": 250,
    "PowerLineFrequency": 50,
    "DewarPosition": "supine",
    "DigitizedLandmarks": true,
    "DigitizedHeadPoints": true,
    "MEGChannelCount": 248,
    "MEGREFChannelCount": 23,
    "EEGChannelCount": 64,
    "ECOGChannelCount": 0,
    "SEEGChannelCount": 0,
    "EOGChannelCount": 1,
    "ECGChannelCount": 1,
    "EMGChannelCount": 0,
    "MiscChannelCount": 0,
    "TriggerChannelCount": 2,
    "RecordingType": "continuous",
    "ContinuousHeadLocalization": false,
    "HardwareFilters": "DC-800Hz",
    "Manufacturer": "BTi/4D",
    "ManufacturersModelName": "WH3600TM",
    "SoftwareVersions": "CTF MEG Software Suite 7.x",
    "TaskName": "MMNHCS",
    "TaskDescription": "Auditory presentation of Harmonic Complex Sounds (HSC, OddBall paradigm) while participants watch a movie.",
    "Instructions": "Participants watched the movie while the sounds were presented. No active task or attention was required.",
    "CogAtlasID": "n/a",
    "CogPOID": "n/a",
    "InstitutionName": "Aix-Marseille Université",
    "InstitutionAddress": "3 place Victor Hugo, 13003 Marseille, France",
    "InstitutionalDepartmentName": "Institut de Neurosciences des Systèmes"
}