{
    "SamplingFrequency": 250,
    "PowerLineFrequency": 50,
    "DewarPosition": "supine",
    "SoftwareFilters": "n/a",
    "DigitizedLandmarks": true,
    "DigitizedHeadPoints": true,
    "MEGChannelCount": 248,
    "MEGREFChannelCount": 23,
    "EEGChannelCount": 64,
    "ECOGChannelCount": 0,
    "SEEGChannelCount": 0,
    "EOGChannelCount": 1,
    "ECGChannelCount": 1,
    "EMGChannelCount": 0,
    "MiscChannelCount": 0,
    "TriggerChannelCount": 2,
    "RecordingDuration": 0,
    "RecordingType": "continuous",
    "EpochLength": 0,
    "ContinuousHeadLocalization": false,
    "HeadCoilFrequency": 0,
    "MaxMovement": 0,
    "SubjectArtefactDescription": "n/a",
    "HardwareFilters": {
        "Band-pass filter": {
            "LowCutoffFrequencyHz": 0.0,
            "HighCutoffFrequencyHz": 800.0,
            "FilterType": "Analog",
            "RollOff": "Unknown"
        }
    },
    "AssociatedEmptyRoom": "bids::sub-11/meg/sub-11_task-noise_run-0_meg.json",
    "Manufacturer": "BTi/4D",
    "ManufacturersModelName": "WH3600TM",
    "SoftwareVersions": "CTF MEG Software Suite 7.x",
    "DeviceSerialNumber": "n/a",
    "TaskName": "MMNHCS",
    "TaskDescription": "Auditory presentation of Harmonic Complex Sounds (HSC, OddBall paradigm) while participants watch a movie.",
    "Instructions": "Participants watched the movie while the sounds were presented. No active task or attention was required.",
    "CogAtlasID": "n/a",
    "CogPOID": "n/a",
    "InstitutionName": "Aix-Marseille Université",
    "InstitutionAddress": "3 place Victor Hugo, 13003 Marseille, France",
    "InstitutionalDepartmentName": "Institut de Neurosciences des Systèmes"
}